NUGET
  remote: https://barsgroup.myget.org/F/common/auth/3ef5eaa4-6139-4997-ad92-71947dcc67c0
  specs:
    xunit (2.0.0)
      xunit.assert (2.0)
      xunit.core (2.0)
    xunit.abstractions (2.0.0)
    xunit.assert (2.0.0)
    xunit.core (2.0.0)
      xunit.extensibility.core (2.0)
    xunit.extensibility.core (2.0.0)
      xunit.abstractions (2.0)
    xunit.extensions (2.0.0)
      xunit (2.0)
