NUGET
  remote: https://www.nuget.org/api/v2
  specs:
    Castle.Core (3.3.3)
    DynamicExpresso.Core (1.3.1)
    FirebirdSql.Data.FirebirdClient (4.8.1.1) - framework: >= net45
    Microsoft.Bcl.Immutable (1.0.34) - framework: >= net45
    Microsoft.SqlServer.Compact (4.0.8876.1) - framework: >= net40
    Microsoft.SqlServer.Types (11.0.2)
    MiniProfiler (3.1.1.140) - framework: >= net45
    MySql.Data (6.9.8) - framework: >= net45
    Npgsql (2.2.5) - framework: >= net45
    NuGet.CommandLine (3.3.0)
    NUnit (2.6.4) - framework: >= net45
    odp.net.x86 (112.3.20) - framework: >= net40
    Seterlund.CodeGuard (2.3.4) - framework: >= net45
    System.Data.SQLite.Core (1.0.97) - framework: >= net45
    xunit (1.9.1) - framework: >= net45
    xunit.extensions (1.9.1) - framework: >= net45
      xunit (1.9.1)
